GIT
  remote: https://github.com/bytebin/rubyhave.git
  revision: 15cdc9d4cf88507e944b4ec2aeb70cc3c9e3aa83
  specs:
    rubyhave (1.0.0)

GEM
  remote: http://rubygems.org/
  specs:

PLATFORMS
  ruby

DEPENDENCIES
  rubyhave!

BUNDLED WITH
   1.17.2
